GEM
  remote: https://rubygems.org/
  specs:
    blobfish-azure-keyvault-ruby (0.1.1)
      json
      rest-client
    domain_name (0.5.20170404)
      unf (>= 0.0.5, < 1.0.0)
    ffi (1.9.18-x64-mingw32)
    http-cookie (1.0.3)
      domain_name (~> 0.5)
    json (2.1.0)
    mime-types (3.1)
      mime-types-data (~> 3.2015)
    mime-types-data (3.2016.0521)
    mini_portile2 (2.2.0)
    netrc (0.11.0)
    nokogiri (1.8.0-x64-mingw32)
      mini_portile2 (~> 2.2.0)
    rest-client (2.0.2-x64-mingw32)
      ffi (~> 1.9)
      http-cookie (>= 1.0.2, < 2.0)
      mime-types (>= 1.16, < 4.0)
      netrc (~> 0.8)
    unf (0.1.4)
      unf_ext
    unf_ext (0.0.7.4-x64-mingw32)
    xmldsig (0.6.3)
      nokogiri (>= 1.6.8, < 2.0.0)

PLATFORMS
  x64-mingw32

DEPENDENCIES
  blobfish-azure-keyvault-ruby
  xmldsig

BUNDLED WITH
   1.15.1
